GEM
  remote: https://rubygems.org/
  specs:
    activemodel (5.2.4.4)
      activesupport (= 5.2.4.4)
    activesupport (5.2.4.4)
      concurrent-ruby (~> 1.0, >= 1.0.2)
      i18n (>= 0.7, < 2)
      minitest (~> 5.1)
      tzinfo (~> 1.1)
    async (1.26.2)
      console (~> 1.0)
      nio4r (~> 2.3)
      timers (~> 4.1)
    async-container (0.16.8)
      async (~> 1.0)
      async-io (~> 1.26)
    async-http (0.52.5)
      async (~> 1.25)
      async-io (~> 1.28)
      async-pool (~> 0.2)
      protocol-http (~> 0.20.0)
      protocol-http1 (~> 0.13.0)
      protocol-http2 (~> 0.14.0)
    async-http-cache (0.2.0)
      async-http (~> 0.51)
    async-io (1.30.1)
      async (~> 1.14)
    async-pool (0.3.2)
      async (~> 1.25)
    async-websocket (0.16.0)
      async-http (~> 0.51)
      async-io (~> 1.23)
      protocol-websocket (~> 0.7.0)
    build-environment (1.13.0)
    byebug (11.1.3)
    coderay (1.1.3)
    concurrent-ruby (1.1.7)
    console (1.9.0)
    diff-lcs (1.4.4)
    factory_bot (6.1.0)
      activesupport (>= 5.0.0)
    fakefs (1.2.2)
    falcon (0.36.6)
      async (~> 1.13)
      async-container (~> 0.16.0)
      async-http (~> 0.52.0)
      async-http-cache (~> 0.2.0)
      async-io (~> 1.22)
      build-environment (~> 1.13)
      bundler
      localhost (~> 1.1)
      process-metrics (~> 0.2.0)
      rack (>= 1.0)
      samovar (~> 2.1)
    hashie (4.1.0)
    i18n (1.8.5)
      concurrent-ruby (~> 1.0)
    json (2.3.1)
    jsonapi-serializers (1.0.1)
      activesupport
    localhost (1.1.6)
    mapping (1.1.1)
    method_source (1.0.0)
    minitest (5.14.2)
    multi_json (1.15.0)
    mustermann (1.1.1)
      ruby2_keywords (~> 0.0.1)
    nio4r (2.5.4)
    process-metrics (0.2.1)
      console (~> 1.8)
      samovar (~> 2.1)
    protocol-hpack (1.4.2)
    protocol-http (0.20.1)
    protocol-http1 (0.13.1)
      protocol-http (~> 0.19)
    protocol-http2 (0.14.1)
      protocol-hpack (~> 1.4)
      protocol-http (~> 0.18)
    protocol-websocket (0.7.5)
      protocol-http (~> 0.2)
      protocol-http1 (~> 0.2)
    pry (0.13.1)
      coderay (~> 1.1)
      method_source (~> 1.0)
    pry-byebug (3.9.0)
      byebug (~> 11.0)
      pry (~> 0.13.0)
    rack (2.2.3)
    rack-protection (2.1.0)
      rack
    rack-test (1.1.0)
      rack (>= 1.0, < 3)
    rspec (3.9.0)
      rspec-core (~> 3.9.0)
      rspec-expectations (~> 3.9.0)
      rspec-mocks (~> 3.9.0)
    rspec-core (3.9.3)
      rspec-support (~> 3.9.3)
    rspec-expectations (3.9.2)
      diff-lcs (>= 1.2.0, < 2.0)
      rspec-support (~> 3.9.0)
    rspec-mocks (3.9.1)
      diff-lcs (>= 1.2.0, < 2.0)
      rspec-support (~> 3.9.0)
    rspec-support (3.9.3)
    ruby2_keywords (0.0.2)
    samovar (2.1.4)
      console (~> 1.0)
      mapping (~> 1.0)
    sinatra (2.1.0)
      mustermann (~> 1.0)
      rack (~> 2.2)
      rack-protection (= 2.1.0)
      tilt (~> 2.0)
    sinatra-contrib (2.1.0)
      multi_json
      mustermann (~> 1.0)
      rack-protection (= 2.1.0)
      sinatra (= 2.1.0)
      tilt (~> 2.0)
    sinatra-cors (1.2.0)
    sinja (1.3.0)
      activesupport (>= 4.2.8, < 6)
      json (>= 1.8.3, < 3)
      jsonapi-serializers (>= 0.16.2, < 2)
      sinatra (>= 2.0.0.rc1, < 3)
      sinatra-contrib (>= 2.0.0.rc1, < 3)
    swagger-blocks (3.0.0)
    thread_safe (0.3.6)
    tilt (2.0.10)
    timers (4.3.2)
    tzinfo (1.2.7)
      thread_safe (~> 0.1)

PLATFORMS
  ruby

DEPENDENCIES
  activemodel
  async-websocket
  concurrent-ruby
  factory_bot
  fakefs
  falcon
  hashie
  pry
  pry-byebug
  rack-test
  rspec
  sinatra
  sinatra-cors
  sinja (>= 1.3.0)
  swagger-blocks

BUNDLED WITH
   2.1.4
